GIT
  remote: git://github.com/rspec/rspec.git
  revision: 3c5104f7be7c110f35f88433b5e8dae228fe991e
  specs:
    rspec (2.11.0)
      rspec-core (~> 2.11.0)
      rspec-expectations (~> 2.11.0)
      rspec-mocks (~> 2.11.0)

GEM
  remote: http://rubygems.org/
  specs:
    builder (2.1.2)
    cucumber (0.8.5)
      builder (~> 2.1.2)
      diff-lcs (~> 1.1.2)
      gherkin (~> 2.1.4)
      json_pure (~> 1.4.3)
      term-ansicolor (~> 1.0.4)
    diff-lcs (1.1.3)
    ffi (1.1.5)
    gherkin (2.1.5)
      trollop (~> 1.16.2)
    guard (1.3.2)
      listen (>= 0.4.2)
      thor (>= 0.14.6)
    guard-rspec (1.2.1)
      guard (>= 1.1)
    json_pure (1.4.6)
    listen (0.4.7)
      rb-fchange (~> 0.0.5)
      rb-fsevent (~> 0.9.1)
      rb-inotify (~> 0.8.8)
    rb-fchange (0.0.5)
      ffi
    rb-fsevent (0.9.1)
    rb-inotify (0.8.8)
      ffi (>= 0.5.0)
    rspec-core (2.11.1)
    rspec-expectations (2.11.2)
      diff-lcs (~> 1.1.3)
    rspec-mocks (2.11.2)
    term-ansicolor (1.0.5)
    thor (0.16.0)
    trollop (1.16.2)

PLATFORMS
  ruby

DEPENDENCIES
  cucumber
  guard-rspec
  rspec!
